GIT
  remote: https://github.com/TheCoderFactory/CFShoppe
  revision: 5ef5c790d0a255ec0d5eee7a876651f051bd44ac
  specs:
    shoppe (1.0.10)
      bcrypt (~> 3.1, >= 3.1.2)
      carrierwave
      cloudinary
      coffee-rails (~> 4)
      dynamic_form (~> 1.1, >= 1.1.4)
      haml (~> 4.0)
      jquery-rails (~> 4)
      kaminari (>= 0.14.1, < 0.16)
      nifty-dialog (~> 1.0)
      nifty-key-value-store (>= 1.0.1, < 2.0.0)
      nifty-utils (~> 1.0)
      rails (>= 4.2.0, < 5.0)
      rails-i18n (~> 4.0.0)
      ransack (~> 1.2)
      roo (>= 1.13.0)
      sass-rails (~> 5.0)
      uglifier (>= 2.2, < 3.0)

GIT
  remote: https://github.com/TheCoderFactory/stripe
  revision: 672574492d99d0a82e63b69cf7c7130ce0dc40f0
  specs:
    shoppe-stripe (1.2.1)
      coffee-rails
      shoppe
      stripe (~> 1.8.7)

GEM
  remote: https://rubygems.org/
  specs:
    actionmailer (4.2.0)
      actionpack (= 4.2.0)
      actionview (= 4.2.0)
      activejob (= 4.2.0)
      mail (~> 2.5, >= 2.5.4)
      rails-dom-testing (~> 1.0, >= 1.0.5)
    actionpack (4.2.0)
      actionview (= 4.2.0)
      activesupport (= 4.2.0)
      rack (~> 1.6.0)
      rack-test (~> 0.6.2)
      rails-dom-testing (~> 1.0, >= 1.0.5)
      rails-html-sanitizer (~> 1.0, >= 1.0.1)
    actionview (4.2.0)
      activesupport (= 4.2.0)
      builder (~> 3.1)
      erubis (~> 2.7.0)
      rails-dom-testing (~> 1.0, >= 1.0.5)
      rails-html-sanitizer (~> 1.0, >= 1.0.1)
    activejob (4.2.0)
      activesupport (= 4.2.0)
      globalid (>= 0.3.0)
    activemodel (4.2.0)
      activesupport (= 4.2.0)
      builder (~> 3.1)
    activerecord (4.2.0)
      activemodel (= 4.2.0)
      activesupport (= 4.2.0)
      arel (~> 6.0)
    activesupport (4.2.0)
      i18n (~> 0.7)
      json (~> 1.7, >= 1.7.7)
      minitest (~> 5.1)
      thread_safe (~> 0.3, >= 0.3.4)
      tzinfo (~> 1.1)
    acts-as-taggable-on (3.4.3)
      activerecord (>= 3.2, < 5)
    arel (6.0.0)
    aws_cf_signer (0.1.3)
    bcrypt (3.1.9)
    better_errors (2.1.1)
      coderay (>= 1.0.0)
      erubis (>= 2.6.6)
      rack (>= 0.9.0)
    binding_of_caller (0.7.2)
      debug_inspector (>= 0.0.1)
    bootstrap-validator-rails (0.5.3)
      jquery-rails (>= 3.0)
      railties (>= 3.0)
    browser (0.8.0)
    builder (3.2.2)
    byebug (3.5.1)
      columnize (~> 0.8)
      debugger-linecache (~> 1.2)
      slop (~> 3.6)
    carrierwave (0.10.0)
      activemodel (>= 3.2.0)
      activesupport (>= 3.2.0)
      json (>= 1.7)
      mime-types (>= 1.16)
    celluloid (0.16.0)
      timers (~> 4.0.0)
    cloudinary (1.0.81)
      aws_cf_signer
      rest-client
    coderay (1.1.0)
    coffee-rails (4.1.0)
      coffee-script (>= 2.2.0)
      railties (>= 4.0.0, < 5.0)
    coffee-script (2.3.0)
      coffee-script-source
      execjs
    coffee-script-source (1.8.0)
    columnize (0.9.0)
    countries (0.9.3)
      currencies (~> 0.4.2)
    country_select (2.1.0)
      countries (~> 0.9, >= 0.9.3)
    currencies (0.4.2)
    daemon_controller (1.2.0)
    debug_inspector (0.0.2)
    debugger-linecache (1.2.0)
    devise (3.4.1)
      bcrypt (~> 3.0)
      orm_adapter (~> 0.1)
      railties (>= 3.2.6, < 5)
      responders
      thread_safe (~> 0.1)
      warden (~> 1.2.3)
    dynamic_form (1.1.4)
    erubis (2.7.0)
    execjs (2.2.2)
    friendly_id (5.0.5)
      activerecord (>= 4.0.0)
    gibbon (1.1.4)
      httparty
      multi_json (>= 1.3.4)
    globalid (0.3.0)
      activesupport (>= 4.1.0)
    haml (4.0.6)
      tilt
    hike (1.2.3)
    hitimes (1.2.2)
    httparty (0.13.3)
      json (~> 1.8)
      multi_xml (>= 0.5.2)
    i18n (0.7.0)
    invisible_captcha (0.7.0)
      rails
    jbuilder (2.2.6)
      activesupport (>= 3.0.0, < 5)
      multi_json (~> 1.2)
    jquery-rails (4.0.3)
      rails-dom-testing (~> 1.0)
      railties (>= 4.2.0)
      thor (>= 0.14, < 2.0)
    jquery-turbolinks (2.1.0)
      railties (>= 3.1.0)
      turbolinks
    json (1.8.2)
    kaminari (0.15.1)
      actionpack (>= 3.0.0)
      activesupport (>= 3.0.0)
    loofah (2.0.1)
      nokogiri (>= 1.5.9)
    mail (2.6.3)
      mime-types (>= 1.16, < 3)
    mime-types (2.4.3)
    mini_portile (0.6.2)
    minitest (5.5.1)
    multi_json (1.10.1)
    multi_xml (0.5.5)
    netrc (0.10.2)
    nifty-dialog (1.1.1)
    nifty-key-value-store (1.0.2)
    nifty-utils (1.0.9)
    nokogiri (1.6.5)
      mini_portile (~> 0.6.0)
    orm_adapter (0.5.0)
    passenger (4.0.57)
      daemon_controller (>= 1.2.0)
      rack
      rake (>= 0.8.1)
    polyamorous (1.1.0)
      activerecord (>= 3.0)
    quiet_assets (1.1.0)
      railties (>= 3.1, < 5.0)
    rack (1.6.0)
    rack-test (0.6.3)
      rack (>= 1.0)
    rack-zippy (2.0.2)
    rails (4.2.0)
      actionmailer (= 4.2.0)
      actionpack (= 4.2.0)
      actionview (= 4.2.0)
      activejob (= 4.2.0)
      activemodel (= 4.2.0)
      activerecord (= 4.2.0)
      activesupport (= 4.2.0)
      bundler (>= 1.3.0, < 2.0)
      railties (= 4.2.0)
      sprockets-rails
    rails-deprecated_sanitizer (1.0.3)
      activesupport (>= 4.2.0.alpha)
    rails-dom-testing (1.0.5)
      activesupport (>= 4.2.0.beta, < 5.0)
      nokogiri (~> 1.6.0)
      rails-deprecated_sanitizer (>= 1.0.1)
    rails-html-sanitizer (1.0.1)
      loofah (~> 2.0)
    rails-i18n (4.0.3)
      i18n (~> 0.6)
      railties (~> 4.0)
    rails_12factor (0.0.3)
      rails_serve_static_assets
      rails_stdout_logging
    rails_serve_static_assets (0.0.3)
    rails_stdout_logging (0.0.3)
    railties (4.2.0)
      actionpack (= 4.2.0)
      activesupport (= 4.2.0)
      rake (>= 0.8.7)
      thor (>= 0.18.1, < 2.0)
    rake (10.4.2)
    ransack (1.6.3)
      actionpack (>= 3.0)
      activerecord (>= 3.0)
      activesupport (>= 3.0)
      i18n
      polyamorous (~> 1.1)
    rdoc (4.2.0)
    responders (2.0.2)
      railties (>= 4.2.0.alpha, < 5)
    rest-client (1.7.2)
      mime-types (>= 1.16, < 3.0)
      netrc (~> 0.7)
    roo (1.13.2)
      nokogiri
      rubyzip
      spreadsheet (> 0.6.4)
    ruby-ole (1.2.11.8)
    rubyzip (1.1.7)
    sass (3.4.9)
    sass-rails (5.0.1)
      railties (>= 4.0.0, < 5.0)
      sass (~> 3.1)
      sprockets (>= 2.8, < 4.0)
      sprockets-rails (>= 2.0, < 4.0)
      tilt (~> 1.1)
    sdoc (0.4.1)
      json (~> 1.7, >= 1.7.7)
      rdoc (~> 4.0)
    simple_form (3.1.0)
      actionpack (~> 4.0)
      activemodel (~> 4.0)
    sitemap_generator (5.0.5)
      builder
    slop (3.6.0)
    spreadsheet (1.0.1)
      ruby-ole (>= 1.0)
    spring (1.2.0)
    sprockets (2.12.3)
      hike (~> 1.2)
      multi_json (~> 1.0)
      rack (~> 1.0)
      tilt (~> 1.1, != 1.3.0)
    sprockets-rails (2.2.2)
      actionpack (>= 3.0)
      activesupport (>= 3.0)
      sprockets (>= 2.8, < 4.0)
    sqlite3 (1.3.10)
    stripe (1.8.8)
      multi_json (>= 1.0.4, < 2)
      rest-client (~> 1.4)
    sucker_punch (1.3.2)
      celluloid (~> 0.16.0)
    thor (0.19.1)
    thread_safe (0.3.4)
    tilt (1.4.1)
    timers (4.0.1)
      hitimes
    turbolinks (2.5.3)
      coffee-rails
    tzinfo (1.2.2)
      thread_safe (~> 0.1)
    uglifier (2.7.0)
      execjs (>= 0.3.0)
      json (>= 1.8.0)
    utf8-cleaner (0.0.9)
    warden (1.2.3)
      rack (>= 1.0)
    web-console (2.0.0)
      activemodel (~> 4.0)
      binding_of_caller (>= 0.7.2)
      railties (~> 4.0)
      sprockets-rails (>= 2.0, < 4.0)
    will_paginate (3.0.7)

PLATFORMS
  ruby

DEPENDENCIES
  acts-as-taggable-on
  better_errors
  bootstrap-validator-rails
  browser
  byebug
  carrierwave
  cloudinary
  coffee-rails (~> 4.1.0)
  country_select
  devise
  friendly_id (~> 5.0.0)
  gibbon (~> 1.1.3)
  invisible_captcha
  jbuilder (~> 2.0)
  jquery-rails
  jquery-turbolinks
  passenger
  quiet_assets
  rack-zippy
  rails (= 4.2.0)
  rails_12factor
  sass-rails (~> 5.0)
  sdoc (~> 0.4.0)
  shoppe (~> 1.0.10)!
  shoppe-stripe!
  simple_form
  sitemap_generator
  spring
  sqlite3
  stripe
  sucker_punch (~> 1.0)
  turbolinks
  uglifier (>= 1.3.0)
  utf8-cleaner
  web-console (~> 2.0)
  will_paginate
